GEM
  remote: https://rubygems.org/
  specs:
    addressable (2.7.0)
      public_suffix (>= 2.0.2, < 5.0)
    faraday (0.17.0)
      multipart-post (>= 1.2, < 3)
    multipart-post (2.1.1)
    netrc (0.11.0)
    octokit (4.14.0)
      sawyer (~> 0.8.0, >= 0.5.3)
    public_suffix (4.0.1)
    sawyer (0.8.2)
      addressable (>= 2.3.5)
      faraday (> 0.8, < 2.0)
    term-ansicolor (1.7.1)
      tins (~> 1.0)
    tins (1.21.1)

PLATFORMS
  ruby

DEPENDENCIES
  netrc (~> 0.11)
  octokit (~> 4.14)
  term-ansicolor (~> 1.7)

RUBY VERSION
   ruby 2.4.1p111

BUNDLED WITH
   2.0.2
